GEM
  remote: http://rubygems.org/
  specs:
    compass (0.10.5)
      haml (>= 3.0.4)
    daemons (1.1.0)
    eventmachine (0.12.10)
    haml (3.0.21)
    rack (1.2.1)
    rack-cache (0.5.3)
      rack (>= 0.4)
    sinatra (1.0)
      rack (>= 1.0)
    thin (1.2.7)
      daemons (>= 1.0.9)
      eventmachine (>= 0.12.6)
      rack (>= 1.0.0)

PLATFORMS
  ruby

DEPENDENCIES
  bundler
  compass
  haml (= 3.0.21)
  rack (~> 1.1)
  rack-cache
  sinatra (= 1.0)
  thin
