GEM
  remote: http://rubygems.org/
  specs:
    backports (1.18.2)
    compass (0.10.5)
      haml (>= 3.0.4)
    daemons (1.3.1)
    eventmachine (1.2.7)
    haml (3.0.21)
    haml-more (0.5.1)
      haml (>= 2.2.20)
      monkey-lib (~> 0.5.2)
    monkey-lib (0.5.4)
      backports
    rack (1.6.12)
    rack-cache (1.10.0)
      rack (>= 0.4)
    sinatra (1.0)
      rack (>= 1.0)
    thin (1.7.2)
      daemons (~> 1.0, >= 1.0.9)
      eventmachine (~> 1.0, >= 1.0.4)
      rack (>= 1, < 3)

PLATFORMS
  ruby

DEPENDENCIES
  bundler
  compass
  haml (= 3.0.21)
  haml-more
  rack (~> 1.6, >= 1.6.12)
  rack-cache (>= 1.8.0)
  sinatra (= 1.0)
  thin (>= 1.7.2)

BUNDLED WITH
   1.17.3
